GEM
  remote: https://rubygems.org/
  specs:
    builder (3.2.3)
    coderay (1.1.1)
    cucumber (1.3.20)
      builder (>= 2.1.2)
      diff-lcs (>= 1.1.3)
      gherkin (~> 2.12)
      multi_json (>= 1.7.5, < 2.0)
      multi_test (>= 0.1.2)
    diff-lcs (1.3)
    gherkin (2.12.2)
      multi_json (~> 1.3)
    httparty (0.15.5)
      multi_xml (>= 0.5.2)
    method_source (0.8.2)
    multi_json (1.12.1)
    multi_test (0.1.2)
    multi_xml (0.6.0)
    pry (0.10.4)
      coderay (~> 1.1.0)
      method_source (~> 0.8.1)
      slop (~> 3.4)
    slop (3.6.0)

PLATFORMS
  ruby

DEPENDENCIES
  cucumber (= 1.3.20)
  httparty
  pry

BUNDLED WITH
   1.14.6
